PATH
  remote: .
  specs:
    trimmer (0.0.5)
      activesupport (>= 3.0)
      i18n (~> 0.6.0)
      rack (~> 1.1)
      tilt (~> 1.3.3)

GEM
  remote: http://rubygems.org/
  specs:
    activesupport (4.0.0)
      i18n (~> 0.6, >= 0.6.4)
      minitest (~> 4.2)
      multi_json (~> 1.3)
      thread_safe (~> 0.1)
      tzinfo (~> 0.3.37)
    atomic (1.1.10)
    haml (3.0.25)
    hoe (3.5.1)
      rake (>= 0.8, < 11.0)
    i18n (0.6.4)
    json (1.7.7)
    minitest (4.7.5)
    multi_json (1.7.7)
    rack (1.5.2)
    rake (10.0.3)
    test-spec (0.9.0)
    test-unit (1.2.3)
      hoe (>= 1.5.1)
    thread_safe (0.1.0)
      atomic
    tilt (1.3.7)
    tzinfo (0.3.37)

PLATFORMS
  ruby

DEPENDENCIES
  haml (~> 3.0.25)
  json (~> 1.1)
  test-spec (~> 0.9.0)
  test-unit (~> 1.2.3)
  trimmer!
